GIT
  remote: https://github.com/foxdog-studios/citysdk-client
  revision: 94836d919f3fe6b21af526a08b221ee7da96eac6
  specs:
    citysdk-client (0.1.2.1)
      addressable (~> 2.3.5)
      charlock_holmes (~> 0.6.9.4)
      dbf
      faraday (~> 0.8.5)
      georuby (~> 2.0.0)
      nokogiri (~> 1.6.1)

GEM
  remote: https://rubygems.org/
  specs:
    addressable (2.3.5)
    charlock_holmes (0.6.9.4)
    dbf (2.0.7)
      fastercsv (~> 1.5.4)
    faraday (0.8.9)
      multipart-post (~> 1.2.0)
    fastercsv (1.5.5)
    georuby (2.0.0)
    hashie (2.0.5)
    metoffice_datapoint (0.0.2)
      addressable (~> 2.3.4)
      hashie (~> 2.0.5)
      oj (~> 2.0.14)
      rest-client (~> 1.6.7)
    mime-types (2.0)
    mini_portile (0.5.2)
    multipart-post (1.2.0)
    nokogiri (1.6.1)
      mini_portile (~> 0.5.0)
    oj (2.0.14)
    rest-client (1.6.7)
      mime-types (>= 1.16)
    thread (0.1.3)
    trollop (2.0)

PLATFORMS
  ruby

DEPENDENCIES
  citysdk-client!
  faraday
  metoffice_datapoint (~> 0.0.2)
  thread (~> 0.1.3)
  trollop (~> 2.0)
