GEM
  remote: https://rubygems.org/
  specs:
    addressable (2.3.5)
    charlock_holmes (0.6.9.4)
    citysdk (0.1.2.1)
      charlock_holmes (>= 0.6.9.4)
      dbf
      faraday (>= 0.8.5)
      georuby (>= 2.0.0)
    dbf (2.0.7)
      fastercsv (~> 1.5.4)
    faraday (0.9.0)
      multipart-post (>= 1.2, < 3)
    fastercsv (1.5.5)
    georuby (2.2.1)
    hashie (2.0.5)
    metoffice_datapoint (0.0.2)
      addressable (~> 2.3.4)
      hashie (~> 2.0.5)
      oj (~> 2.0.14)
      rest-client (~> 1.6.7)
    mime-types (2.0)
    multipart-post (2.0.0)
    oj (2.0.14)
    rest-client (1.6.7)
      mime-types (>= 1.16)
    trollop (2.0)

PLATFORMS
  ruby

DEPENDENCIES
  citysdk (~> 0.1.2.1)
  metoffice_datapoint (~> 0.0.2)
  trollop (~> 2.0)
