GEM
  remote: https://rubygems.org/
  specs:
    addressable (2.3.5)
    hashie (2.0.5)
    metoffice_datapoint (0.0.2)
      addressable (~> 2.3.4)
      hashie (~> 2.0.5)
      oj (~> 2.0.14)
      rest-client (~> 1.6.7)
    mime-types (2.0)
    oj (2.0.14)
    rest-client (1.6.7)
      mime-types (>= 1.16)
    thread (0.1.3)
    trollop (2.0)

PLATFORMS
  ruby

DEPENDENCIES
  metoffice_datapoint (~> 0.0.2)
  thread (~> 0.1.3)
  trollop (~> 2.0)
